PATH
  remote: .
  specs:
    ScriptHelpers (0.0.0)

GEM
  remote: https://rubygems.org/
  specs:
    diff-lcs (1.2.5)
    rake (10.4.2)
    rspec (3.4.0)
      rspec-core (~> 3.4.0)
      rspec-expectations (~> 3.4.0)
      rspec-mocks (~> 3.4.0)
    rspec-core (3.4.4)
      rspec-support (~> 3.4.0)
    rspec-expectations (3.4.0)
      diff-lcs (>= 1.2.0, < 2.0)
      rspec-support (~> 3.4.0)
    rspec-mocks (3.4.1)
      diff-lcs (>= 1.2.0, < 2.0)
      rspec-support (~> 3.4.0)
    rspec-support (3.4.1)
    timecop (0.8.1)

PLATFORMS
  ruby

DEPENDENCIES
  ScriptHelpers!
  bundler (~> 1.11.2)
  rake (~> 10.4.2)
  rspec (~> 3.0)
  timecop (~> 0.8.0)

BUNDLED WITH
   1.11.2
